GEM
  remote: http://rubygems.org/
  specs:
    activesupport (3.0.10)
    builder (3.0.0)
    gemcutter (0.6.1)
    git (1.2.5)
    jeweler (1.4.0)
      gemcutter (>= 0.1.0)
      git (>= 1.2.5)
      rubyforge (>= 2.0.0)
    json_pure (1.5.1)
    multi_json (1.0.3)
    rake (0.8.7)
    rubyforge (2.0.4)
      json_pure (>= 1.1.7)
    wrest (1.4.7)
      activesupport (~> 3)
      builder (> 2.0)
      multi_json (~> 1.0)

PLATFORMS
  ruby

DEPENDENCIES
  jeweler (~> 1.4.0)
  rake
  wrest (~> 1.4.7)
