GEM
  remote: http://rubygems.org/
  specs:
    activesupport (3.0.10)
    builder (3.0.0)
    git (1.2.5)
    jeweler (1.6.4)
      bundler (~> 1.0)
      git (>= 1.2.5)
      rake
    multi_json (1.0.3)
    rake (0.8.7)
    wrest (1.4.7)
      activesupport (~> 3)
      builder (> 2.0)
      multi_json (~> 1.0)

PLATFORMS
  ruby

DEPENDENCIES
  jeweler (~> 1)
  rake
  wrest (~> 1.4.7)
