GEM
  remote: http://rubygems.org/
  specs:
    activesupport (2.3.8)
    gemcutter (0.6.1)
    git (1.2.5)
    jeweler (1.4.0)
      gemcutter (>= 0.1.0)
      git (>= 1.2.5)
      rubyforge (>= 2.0.0)
    json (1.5.1)
    json_pure (1.5.1)
    rake (0.8.7)
    rubyforge (2.0.4)
      json_pure (>= 1.1.7)
    wrest (0.1.2)
      activesupport (= 2.3.8)
      json (>= 1.1.3)

PLATFORMS
  ruby

DEPENDENCIES
  jeweler (~> 1.4.0)
  rake
  wrest (= 0.1.2)
